PATH
  remote: .
  specs:
    soda-ruby (0.2.24)
      hashie (~> 3.4, >= 3.4.6)
      multipart-post (~> 2.0.0)
      sys-uname (~> 1.0.2)

GEM
  remote: https://rubygems.org/
  specs:
    activesupport (5.1.4)
      concurrent-ruby (~> 1.0, >= 1.0.2)
      i18n (~> 0.7)
      minitest (~> 5.1)
      tzinfo (~> 1.1)
    addressable (2.5.2)
      public_suffix (>= 2.0.2, < 4.0)
    ast (2.3.0)
    coderay (1.1.2)
    concurrent-ruby (1.0.5)
    crack (0.4.3)
      safe_yaml (~> 1.0.0)
    ffi (1.9.18)
    hashdiff (0.3.7)
    hashie (3.5.6)
    i18n (0.9.1)
      concurrent-ruby (~> 1.0)
    metaclass (0.0.4)
    method_source (0.9.0)
    minitest (5.10.3)
    mocha (1.3.0)
      metaclass (~> 0.0.1)
    multipart-post (2.0.0)
    parallel (1.12.0)
    parser (2.4.0.2)
      ast (~> 2.3)
    power_assert (1.1.1)
    powerpack (0.1.1)
    pry (0.11.3)
      coderay (~> 1.1.0)
      method_source (~> 0.9.0)
    public_suffix (3.0.1)
    rainbow (2.2.2)
      rake
    rake (12.3.0)
    rubocop (0.51.0)
      parallel (~> 1.10)
      parser (>= 2.3.3.1, < 3.0)
      powerpack (~> 0.1)
      rainbow (>= 2.2.2, < 3.0)
      ruby-progressbar (~> 1.7)
      unicode-display_width (~> 1.0, >= 1.0.1)
    ruby-progressbar (1.9.0)
    safe_yaml (1.0.4)
    shoulda (3.5.0)
      shoulda-context (~> 1.0, >= 1.0.1)
      shoulda-matchers (>= 1.4.1, < 3.0)
    shoulda-context (1.2.2)
    shoulda-matchers (2.8.0)
      activesupport (>= 3.0.0)
    sys-uname (1.0.3)
      ffi (>= 1.0.0)
    test-unit (3.2.7)
      power_assert
    thread_safe (0.3.6)
    tzinfo (1.2.4)
      thread_safe (~> 0.1)
    unicode-display_width (1.3.0)
    webmock (3.1.1)
      addressable (>= 2.3.6)
      crack (>= 0.3.2)
      hashdiff

PLATFORMS
  ruby

DEPENDENCIES
  bundler (~> 1.7)
  minitest
  mocha
  pry
  rake
  rubocop
  shoulda
  soda-ruby!
  test-unit
  webmock

BUNDLED WITH
   1.16.0
